GIT
  remote: git@github.com:middleman/middleman-syntax.git
  revision: 8466a2871942e64cd44b512b073f428d01dd2568
  ref: 8466a28719
  specs:
    middleman-syntax (2.0.0)
      middleman-core (~> 3.2)
      rouge (~> 1.0)

GEM
  remote: http://rubygems.org/
  specs:
    activesupport (3.2.16)
      i18n (~> 0.6, >= 0.6.4)
      multi_json (~> 1.0)
    builder (3.2.2)
    chunky_png (1.2.9)
    coderay (1.0.9)
    coffee-script (2.2.0)
      coffee-script-source
      execjs
    coffee-script-source (1.6.3)
    columnize (0.3.6)
    compass (0.12.2)
      chunky_png (~> 1.2)
      fssm (>= 0.2.7)
      sass (~> 3.1)
    debugger (1.6.2)
      columnize (>= 0.3.1)
      debugger-linecache (~> 1.2.0)
      debugger-ruby_core_source (~> 1.2.3)
    debugger-linecache (1.2.0)
    debugger-ruby_core_source (1.2.3)
    em-websocket (0.5.0)
      eventmachine (>= 0.12.9)
      http_parser.rb (~> 0.5.3)
    eventmachine (1.0.3)
    execjs (1.4.0)
      multi_json (~> 1.0)
    ffi (1.9.3)
    fssm (0.2.10)
    haml (4.0.4)
      tilt
    hike (1.2.3)
    http_parser.rb (0.5.3)
    i18n (0.6.9)
    ipsum (2.0.0)
      ipsum-english (>= 1.1.0)
      ipsum-french (>= 1.1.0)
      ipsum-latin (>= 1.1.0)
    ipsum-core (2.0.0)
    ipsum-english (1.1.0)
      ipsum-core (>= 2.0.0)
    ipsum-french (1.1.0)
      ipsum-core (>= 2.0.0)
    ipsum-latin (1.1.0)
      ipsum-core (>= 2.0.0)
    kramdown (1.3.0)
    listen (1.3.1)
      rb-fsevent (>= 0.9.3)
      rb-inotify (>= 0.9)
      rb-kqueue (>= 0.2)
    method_source (0.8.1)
    middleman (3.2.1)
      coffee-script (~> 2.2.0)
      compass (>= 0.12.2)
      execjs (~> 1.4.0)
      haml (>= 3.1.6)
      kramdown (~> 1.2)
      middleman-core (= 3.2.1)
      middleman-sprockets (>= 3.1.2)
      sass (>= 3.1.20)
      uglifier (~> 2.1.0)
    middleman-blog (3.4.1)
      middleman-core (~> 3.2)
      tzinfo (~> 0.3.0)
    middleman-bower (1.0.2)
      sprockets-bower (>= 0.0.2)
    middleman-core (3.2.1)
      activesupport (~> 3.2.6)
      bundler (~> 1.1)
      i18n (~> 0.6.1)
      listen (~> 1.1)
      rack (>= 1.4.5)
      rack-test (~> 0.6.1)
      thor (>= 0.15.2, < 2.0)
      tilt (~> 1.4.1)
    middleman-livereload (3.1.0)
      em-websocket (>= 0.2.0)
      middleman-core (>= 3.0.2)
      multi_json (~> 1.0)
      rack-livereload
    middleman-sprockets (3.2.0)
      middleman-core (~> 3.2)
      sprockets (~> 2.1)
      sprockets-helpers (~> 1.0.0)
      sprockets-sass (~> 1.0.0)
    multi_json (1.8.2)
    mustache (0.99.5)
    nokogiri (1.5.10)
    posix-spawn (0.3.6)
    pry (0.9.12.1)
      coderay (~> 1.0.5)
      method_source (~> 0.8)
      slop (~> 3.4)
    pygments.rb (0.5.4)
      posix-spawn (~> 0.3.6)
      yajl-ruby (~> 1.1.0)
    rack (1.5.2)
    rack-livereload (0.3.15)
      rack
    rack-test (0.6.2)
      rack (>= 1.0)
    rake (10.1.0)
    rb-fsevent (0.9.4)
    rb-inotify (0.9.3)
      ffi (>= 0.5.0)
    rb-kqueue (0.2.0)
      ffi (>= 0.5.0)
    redcarpet (1.7.0)
    rocco (0.8.2)
      mustache
      redcarpet
    rouge (1.3.1)
    sass (3.2.13)
    slim (2.0.2)
      temple (~> 0.6.6)
      tilt (>= 1.3.3, < 2.1)
    slop (3.4.4)
    sprockets (2.10.1)
      hike (~> 1.2)
      multi_json (~> 1.0)
      rack (~> 1.0)
      tilt (~> 1.1, != 1.3.0)
    sprockets-bower (0.0.2)
    sprockets-helpers (1.0.1)
      sprockets (~> 2.0)
    sprockets-sass (1.0.2)
      sprockets (~> 2.0)
      tilt (~> 1.1)
    temple (0.6.7)
    thor (0.18.1)
    tilt (1.4.1)
    titleize (1.3.0)
    tzinfo (0.3.38)
    uglifier (2.1.2)
      execjs (>= 0.3.0)
      multi_json (~> 1.0, >= 1.0.2)
    yajl-ruby (1.1.0)

PLATFORMS
  ruby

DEPENDENCIES
  builder (~> 3.0)
  debugger
  ipsum
  middleman (~> 3.2.0)
  middleman-blog (~> 3.4.1)
  middleman-bower
  middleman-livereload
  middleman-syntax!
  nokogiri
  pry
  pygments.rb
  rake
  redcarpet (= 1.7)
  rocco
  slim
  titleize
