GEM
  remote: https://rubygems.org/
  specs:
    RedCloth (4.2.9)
    coderay (1.0.9)
    gimli (0.5.2)
      RedCloth (~> 4.2.7)
      coderay (~> 1.0.7)
      github-markup (~> 0.7.4)
      nokogiri (~> 1.5.5)
      optiflag (~> 0.7)
      redcarpet (~> 2.1.1)
      wkhtmltopdf-binary (~> 0.9.9.1)
    github-markup (0.7.5)
    nokogiri (1.5.11)
    optiflag (0.7)
    rack (1.5.2)
    redcarpet (2.1.1)
    wkhtmltopdf-binary (0.9.9.1)

PLATFORMS
  ruby

DEPENDENCIES
  gimli
  rack
